GEM
  remote: https://rubygems.org/
  specs:
    locale (2.1.2)
    qif (1.2.0)
    ruby-ole (1.2.12)
    spreadsheet (1.1.3)
      ruby-ole (>= 1.0)

PLATFORMS
  ruby

DEPENDENCIES
  locale
  qif
  spreadsheet

BUNDLED WITH
   1.16.6
