GEM
  remote: https://rubygems.org/
  specs:
    ast (2.4.1)
    concurrent-ruby (1.1.6)
    diff-lcs (1.3)
    i18n (1.8.5)
      concurrent-ruby (~> 1.0)
    locale (2.1.3)
    parallel (1.19.2)
    parser (2.7.1.4)
      ast (~> 2.4.1)
    qif (1.2.0)
    rainbow (3.0.0)
    rake (13.0.1)
    regexp_parser (1.7.1)
    rexml (3.2.4)
    rspec (3.9.0)
      rspec-core (~> 3.9.0)
      rspec-expectations (~> 3.9.0)
      rspec-mocks (~> 3.9.0)
    rspec-core (3.9.1)
      rspec-support (~> 3.9.1)
    rspec-expectations (3.9.0)
      diff-lcs (>= 1.2.0, < 2.0)
      rspec-support (~> 3.9.0)
    rspec-mocks (3.9.1)
      diff-lcs (>= 1.2.0, < 2.0)
      rspec-support (~> 3.9.0)
    rspec-support (3.9.2)
    rubocop (0.88.0)
      parallel (~> 1.10)
      parser (>= 2.7.1.1)
      rainbow (>= 2.2.2, < 4.0)
      regexp_parser (>= 1.7)
      rexml
      rubocop-ast (>= 0.1.0, < 1.0)
      ruby-progressbar (~> 1.7)
      unicode-display_width (>= 1.4.0, < 2.0)
    rubocop-ast (0.1.0)
      parser (>= 2.7.0.1)
    ruby-ole (1.2.12.2)
    ruby-progressbar (1.10.1)
    spreadsheet (1.2.6)
      ruby-ole (>= 1.0)
    unicode-display_width (1.7.0)

PLATFORMS
  ruby

DEPENDENCIES
  i18n
  locale
  qif
  rake
  rspec
  rubocop (~> 0.88.0)
  spreadsheet (~> 1.2.6)

BUNDLED WITH
   1.16.6
