GEM
  remote: https://rubygems.org/
  specs:
    ast (2.4.0)
    concurrent-ruby (1.0.5)
    i18n (1.1.1)
      concurrent-ruby (~> 1.0)
    jaro_winkler (1.5.1)
    locale (2.1.2)
    parallel (1.12.1)
    parser (2.5.1.2)
      ast (~> 2.4.0)
    power_assert (1.1.3)
    powerpack (0.1.2)
    qif (1.2.0)
    rainbow (3.0.0)
    rubocop (0.60.0)
      jaro_winkler (~> 1.5.1)
      parallel (~> 1.10)
      parser (>= 2.5, != 2.5.1.1)
      powerpack (~> 0.1)
      rainbow (>= 2.2.2, < 4.0)
      ruby-progressbar (~> 1.7)
      unicode-display_width (~> 1.4.0)
    ruby-ole (1.2.12)
    ruby-progressbar (1.10.0)
    spreadsheet (1.1.3)
      ruby-ole (>= 1.0)
    test-unit (3.2.8)
      power_assert
    unicode-display_width (1.4.0)

PLATFORMS
  ruby

DEPENDENCIES
  i18n
  locale
  qif
  rubocop (~> 0.60.0)
  spreadsheet
  test-unit

BUNDLED WITH
   1.16.6
